GEM
  remote: https://rubygems.org/
  specs:
    gosu (0.9.2-x64-mingw32)

PLATFORMS
  x64-mingw32

DEPENDENCIES
  gosu

BUNDLED WITH
   1.10.6
